GEM
  remote: https://rubygems.org/
  specs:
    haml (4.0.7)
      tilt
    json (1.8.1)
    mysql2 (0.4.5)
    mysql2 (0.4.5-x64-mingw32)
    rack (1.6.5)
    rack-protection (1.5.3)
      rack
    rake (12.0.0)
    sequel (4.44.0)
    sinatra (1.4.8)
      rack (~> 1.5)
      rack-protection (~> 1.4)
      tilt (>= 1.3, < 3)
    tilt (2.0.7)

PLATFORMS
  ruby
  x64-mingw32

DEPENDENCIES
  haml
  json
  mysql2
  rake
  sequel
  sinatra

RUBY VERSION
   ruby 2.2.6p396

BUNDLED WITH
   1.14.6
